GEM
  remote: https://rubygems.org/
  specs:
    ast (2.4.2)
    kwalify (0.7.2)
    parser (3.0.2.0)
      ast (~> 2.4.1)
    rainbow (3.0.0)
    reek (6.0.6)
      kwalify (~> 0.7.0)
      parser (~> 3.0.0)
      rainbow (>= 2.0, < 4.0)

PLATFORMS
  ruby

DEPENDENCIES
  reek

BUNDLED WITH
   2.1.2
